PATH
  remote: .
  specs:
    zone_ranger (0.0.1)
      activesupport (~> 3.0.20)
      i18n
      tzinfo (~> 1.0.1)
      tzinfo-data

GEM
  remote: https://rubygems.org/
  specs:
    activesupport (3.0.20)
    diff-lcs (1.2.4)
    i18n (0.6.5)
    rake (10.1.0)
    rspec (2.14.1)
      rspec-core (~> 2.14.0)
      rspec-expectations (~> 2.14.0)
      rspec-mocks (~> 2.14.0)
    rspec-core (2.14.5)
    rspec-expectations (2.14.2)
      diff-lcs (>= 1.1.3, < 2.0)
    rspec-mocks (2.14.3)
    timecop (0.3.5)
    tzinfo (1.0.1)
    tzinfo-data (1.2013.4)
      tzinfo (>= 1.0.0)

PLATFORMS
  ruby

DEPENDENCIES
  bundler (~> 1.3)
  rake
  rspec
  timecop (~> 0.3.5)
  zone_ranger!
