PATH
  remote: .
  specs:
    zone_ranger (0.0.1)
      active_support
      i18n
      tzinfo
      tzinfo-data

GEM
  remote: https://rubygems.org/
  specs:
    active_support (3.0.0)
      activesupport (= 3.0.0)
    activesupport (3.0.0)
    diff-lcs (1.2.4)
    i18n (0.6.5)
    rake (10.1.0)
    rspec (2.14.1)
      rspec-core (~> 2.14.0)
      rspec-expectations (~> 2.14.0)
      rspec-mocks (~> 2.14.0)
    rspec-core (2.14.5)
    rspec-expectations (2.14.2)
      diff-lcs (>= 1.1.3, < 2.0)
    rspec-mocks (2.14.3)
    timecop (0.6.3)
    tzinfo (1.0.1)
    tzinfo-data (1.2013.4)

PLATFORMS
  ruby

DEPENDENCIES
  bundler (~> 1.3)
  rake
  rspec
  timecop
  zone_ranger!
